GEM
  remote: http://rubygems.org/
  specs:
    childprocess (0.3.9)
      ffi (~> 1.0, >= 1.0.11)
    data_magic (0.14)
      faker (>= 1.1.2)
      yml_reader (>= 0.2)
    faker (1.1.2)
      i18n (~> 0.5)
    ffi (1.4.0)
    i18n (0.6.4)
    multi_json (1.6.1)
    page-object (0.8.5)
      page_navigation (>= 0.6)
      selenium-webdriver (>= 2.30.0)
      watir-webdriver (>= 0.6.2)
    page_navigation (0.7)
      data_magic (>= 0.14)
    rubyzip (0.9.9)
    selenium-webdriver (2.30.0)
      childprocess (>= 0.2.5)
      multi_json (~> 1.0)
      rubyzip
      websocket (~> 1.0.4)
    watir-webdriver (0.6.2)
      selenium-webdriver (>= 2.18.0)
    websocket (1.0.7)
    yml_reader (0.2)

PLATFORMS
  ruby

DEPENDENCIES
  page-object
  selenium-webdriver (~> 2.30.0)
